GEM
  remote: http://rubygems.org/
  specs:
    diff-lcs (1.1.3)
    excon (0.16.10)
    fattr (2.2.1)
    fuubar (1.1.0)
      rspec (~> 2.0)
      rspec-instafail (~> 0.2.0)
      ruby-progressbar (~> 1.0.0)
    heroku-api (0.3.7)
      excon (~> 0.16.10)
    infinity_test (1.0.3)
      notifiers (>= 1.1.0)
      watchr (>= 0.7)
    metaclass (0.0.1)
    mocha (0.13.0)
      metaclass (~> 0.0.1)
    notifiers (1.1.0)
    rspec (2.12.0)
      rspec-core (~> 2.12.0)
      rspec-expectations (~> 2.12.0)
      rspec-mocks (~> 2.12.0)
    rspec-core (2.12.0)
    rspec-expectations (2.12.0)
      diff-lcs (~> 1.1.3)
    rspec-instafail (0.2.4)
    rspec-mocks (2.12.0)
    ruby-progressbar (1.0.2)
    rush (0.6.8)
      session
    session (3.1.0)
      fattr
    timecop (0.5.4)
    watchr (0.7)

PLATFORMS
  ruby

DEPENDENCIES
  fuubar
  heroku-api
  infinity_test
  mocha
  rspec
  rush
  timecop
